PATH
  remote: .
  specs:
    metrical (0.1.0)
      ci_reporter (~> 1.8.4)
      flog
      metric_fu (~> 4.1.0)
      simplecov
      simplecov-rcov

GEM
  remote: http://rubygems.org/
  specs:
    activesupport (3.2.12)
      i18n (~> 0.6)
      multi_json (~> 1.0)
    arrayfields (4.7.4)
    awesome_print (1.1.0)
    bluff (0.1.0)
    builder (3.2.0)
    cane (2.5.2)
      parallel
    chronic (0.9.1)
    churn (0.0.28)
      chronic (>= 0.2.3)
      hirb
      json_pure
      main
      ruby_parser (~> 3.0)
      sexp_processor (~> 4.1)
    ci_reporter (1.8.4)
      builder (>= 2.1.2)
    code_analyzer (0.3.1)
      sexp_processor
    coderay (1.0.9)
    colored (1.2)
    diff-lcs (1.2.1)
    erubis (2.7.0)
    fattr (2.2.1)
    flay (2.0.1)
      ruby_parser (~> 3.0)
      sexp_processor (~> 4.0)
    flog (3.2.2)
      ruby_parser (~> 3.1, > 3.1.0)
      sexp_processor (~> 4.0)
    googlecharts (1.6.8)
    hirb (0.7.1)
    i18n (0.6.4)
    japgolly-Saikuro (1.1.1.0)
    json_pure (1.7.7)
    main (5.2.0)
      arrayfields (>= 4.7.4)
      chronic (>= 0.6.2)
      fattr (>= 2.2.0)
      map (>= 5.1.0)
    map (6.2.0)
    metric_fu (4.1.0)
      activesupport (>= 2.0.0)
      arrayfields (= 4.7.4)
      bluff
      cane (= 2.5.2)
      churn (= 0.0.28)
      coderay
      fattr (= 2.2.1)
      flay (= 2.0.1)
      flog (= 3.2.2)
      googlecharts
      japgolly-Saikuro (>= 1.1.1.0)
      map (= 6.2.0)
      metric_fu-roodi (>= 2.2.1)
      parallel (= 0.6.2)
      rails_best_practices (= 1.13.2)
      reek (= 1.3.1)
      ruby2ruby (= 2.0.2)
      ruby_parser (~> 3.0, >= 3.1.1)
      sexp_processor (~> 4.0)
    metric_fu-roodi (2.2.1)
      ruby_parser
    multi_json (1.7.1)
    parallel (0.6.2)
    progressbar (0.20.0)
    rails_best_practices (1.13.2)
      activesupport
      awesome_print
      code_analyzer
      colored
      erubis
      i18n
      progressbar
    reek (1.3.1)
      ruby2ruby (~> 2.0.2)
      ruby_parser (~> 3.1.1)
      sexp_processor
    rspec (2.13.0)
      rspec-core (~> 2.13.0)
      rspec-expectations (~> 2.13.0)
      rspec-mocks (~> 2.13.0)
    rspec-core (2.13.1)
    rspec-expectations (2.13.0)
      diff-lcs (>= 1.1.3, < 2.0)
    rspec-mocks (2.13.0)
    ruby2ruby (2.0.2)
      ruby_parser (~> 3.1)
      sexp_processor (~> 4.0)
    ruby_parser (3.1.2)
      sexp_processor (~> 4.1)
    sexp_processor (4.2.0)
    simplecov (0.7.1)
      multi_json (~> 1.0)
      simplecov-html (~> 0.7.1)
    simplecov-html (0.7.1)
    simplecov-rcov (0.2.3)
      simplecov (>= 0.4.1)

PLATFORMS
  ruby

DEPENDENCIES
  metrical!
  rspec (~> 2.13.0)
